Brain Vision Data Exchange Header File Version 2.0
; Data created from history path: pre_12_nakano_01/Raw Data/Edit Markers_rename

[Common Infos]
Codepage=UTF-8
DataFile=p_12_full.eeg
MarkerFile=p_12_full.vmrk
DataFormat=BINARY
; Data orientation: VECTORIZED=ch1,pt1, ch1,pt2..., MULTIPLEXED=ch1,pt1, ch2,pt1 ...
DataOrientation=MULTIPLEXED
DataType=TIMEDOMAIN
NumberOfChannels=18
DataPoints=3934360
; Sampling interval in microseconds if time domain (convert to Hertz:
; 1000000 / SamplingInterval) or in Hertz if frequency domain:
SamplingInterval=500

[User Infos]
; Each entry: Prop<Number>=<Type>,<Name>,<Value>,<Value2>,...,<ValueN>
; Property number must be unique. Types can be int, single, string, bool, byte, double, uint
; or arrays of those, indicated int-array etc
; Array types have more than one value, number of values determines size of array.
; Fields are delimited by commas, commas in strings are written \1

[Binary Infos]
BinaryFormat=IEEE_FLOAT_32

[Channel Infos]
; Each entry: Ch<Channel number>=<Name>,<Reference channel name>,
; <Resolution in "Unit">,<Unit>, Future extensions...
; Fields are delimited by commas, some fields might be omitted (empty).
; Commas in channel names are coded as "\1".
Ch1=Fp1,,,
Ch2=F3,,,
Ch3=F7,,,
Ch4=C3,,,
Ch5=T7,,,
Ch6=P3,,,
Ch7=P7,,,
Ch8=O1,,,
Ch9=O2,,,
Ch10=P4,,,
Ch11=P8,,,
Ch12=C4,,,
Ch13=T8,,,
Ch14=F4,,,
Ch15=F8,,,
Ch16=Fp2,,,
Ch17=VEOG,,,
Ch18=HEOG,,,

[Channel User Infos]
; Each entry: Prop<Number>=Ch<ChannelNumber>,<Type>,<Name>,<Value>,<Value2>,...,<ValueN>
; Property number must be unique. Types can be int, single, string, bool, byte, double, uint
; or arrays of those, indicated int-array etc
; Array types have more than one value, number of values determines size of array.
; Fields are delimited by commas, commas in strings are written \1
; Properties are assigned to channels using their channel number.

[Coordinates]
; Each entry: Ch<Channel number>=<Radius>,<Theta>,<Phi>
Ch1=1,-90,-72
Ch2=1,-60,-51
Ch3=1,-90,-36
Ch4=1,-45,0
Ch5=1,-90,0
Ch6=1,-60,51
Ch7=1,-90,36
Ch8=1,-90,72
Ch9=1,90,-72
Ch10=1,60,-51
Ch11=1,90,-36
Ch12=1,45,0
Ch13=1,90,0
Ch14=1,60,51
Ch15=1,90,36
Ch16=1,90,72
Ch17=1,125,63
Ch18=1,-118,-48
